PATH
  remote: .
  specs:
    wiki_hd (0.1.0)

GEM
  remote: https://rubygems.org/
  specs:

PLATFORMS
  ruby

DEPENDENCIES
  wiki_hd!

BUNDLED WITH
   1.17.3
